PATH
  remote: .
  specs:
    kaba (0.2.3)
      async (~> 2.20)
      async-http-faraday (~> 0.19.0)
      colorize (~> 1.1)
      dotenv (~> 3.1)
      faraday (~> 2.12)
      tty-progressbar (~> 0.18.3)

GEM
  remote: https://rubygems.org/
  specs:
    async (2.20.0)
      console (~> 1.29)
      fiber-annotation
      io-event (~> 1.6, >= 1.6.5)
    async-http (0.83.1)
      async (>= 2.10.2)
      async-pool (~> 0.9)
      io-endpoint (~> 0.14)
      io-stream (~> 0.6)
      metrics (~> 0.12)
      protocol-http (~> 0.43)
      protocol-http1 (>= 0.28.1)
      protocol-http2 (~> 0.19)
      traces (~> 0.10)
    async-http-faraday (0.19.0)
      async-http (~> 0.42)
      faraday
    async-pool (0.10.2)
      async (>= 1.25)
      traces
    colorize (1.1.0)
    console (1.29.0)
      fiber-annotation
      fiber-local (~> 1.1)
      json
    dotenv (3.1.4)
    faraday (2.12.0)
      faraday-net_http (>= 2.0, < 3.4)
      json
      logger
    faraday-net_http (3.3.0)
      net-http
    fiber-annotation (0.2.0)
    fiber-local (1.1.0)
      fiber-storage
    fiber-storage (1.0.0)
    io-endpoint (0.14.0)
    io-event (1.7.3)
    io-stream (0.6.1)
    json (2.8.1)
    logger (1.6.1)
    metrics (0.12.1)
    net-http (0.5.0)
      uri
    protocol-hpack (1.5.1)
    protocol-http (0.44.0)
    protocol-http1 (0.28.1)
      protocol-http (~> 0.22)
    protocol-http2 (0.20.0)
      protocol-hpack (~> 1.4)
      protocol-http (~> 0.18)
    rake (13.2.1)
    strings-ansi (0.2.0)
    traces (0.14.1)
    tty-cursor (0.7.1)
    tty-progressbar (0.18.3)
      strings-ansi (~> 0.2)
      tty-cursor (~> 0.7)
      tty-screen (~> 0.8)
      unicode-display_width (>= 1.6, < 3.0)
    tty-screen (0.8.2)
    unicode-display_width (2.6.0)
    uri (1.0.1)

PLATFORMS
  arm64-darwin-24
  ruby

DEPENDENCIES
  kaba!
  rake (~> 13.0)

BUNDLED WITH
   2.5.3
